PATH
  remote: .
  specs:

GEM
  remote: http://rubygems.org/
  specs:
    docile (1.1.5)
    ffi (1.9.10)
    ffi (1.9.10-java)
    ffi-rzmq (2.0.4)
      ffi-rzmq-core (>= 1.0.1)
    ffi-rzmq-core (1.0.4)
      ffi (~> 1.9)
    json (1.8.3)
    json (1.8.3-java)
    minitest (5.8.2)
    simplecov (0.10.0)
      docile (~> 1.1.0)
      json (~> 1.8)
      simplecov-html (~> 0.10.0)
    simplecov-html (0.10.0)

PLATFORMS
  java
  ruby

DEPENDENCIES
  cabin!
  ffi-rzmq
  json
  minitest
  simplecov

BUNDLED WITH
   1.10.6
