PATH
  remote: .
  specs:
    cabin (0.8.1)

GEM
  remote: http://rubygems.org/
  specs:
    json (1.6.8)
    minitest (2.11.1)
    rake (10.4.2)

PLATFORMS
  ruby

DEPENDENCIES
  cabin!
  json
  minitest
  rake (~> 10.4.2)
